PATH
  remote: .
  specs:
    rubrowser (2.11)
      litecable
      parser
      puma
      websocket

GEM
  remote: https://rubygems.org/
  specs:
    anyway_config (2.1.0)
      ruby-next-core (>= 0.11.0)
    ast (2.4.2)
    byebug (11.1.3)
    diff-lcs (1.4.4)
    litecable (0.7.1)
      anyway_config (>= 1.0)
    nio4r (2.5.8)
    parallel (1.20.1)
    parser (3.0.1.0)
      ast (~> 2.4.1)
    puma (5.5.1)
      nio4r (~> 2.0)
    rainbow (3.0.0)
    rake (13.0.3)
    regexp_parser (2.1.1)
    rexml (3.2.5)
    rspec (3.10.0)
      rspec-core (~> 3.10.0)
      rspec-expectations (~> 3.10.0)
      rspec-mocks (~> 3.10.0)
    rspec-core (3.10.1)
      rspec-support (~> 3.10.0)
    rspec-expectations (3.10.1)
      diff-lcs (>= 1.2.0, < 2.0)
      rspec-support (~> 3.10.0)
    rspec-mocks (3.10.2)
      diff-lcs (>= 1.2.0, < 2.0)
      rspec-support (~> 3.10.0)
    rspec-support (3.10.2)
    rubocop (1.13.0)
      parallel (~> 1.10)
      parser (>= 3.0.0.0)
      rainbow (>= 2.2.2, < 4.0)
      regexp_parser (>= 1.8, < 3.0)
      rexml
      rubocop-ast (>= 1.2.0, < 2.0)
      ruby-progressbar (~> 1.7)
      unicode-display_width (>= 1.4.0, < 3.0)
    rubocop-ast (1.4.1)
      parser (>= 2.7.1.5)
    ruby-next-core (0.12.0)
    ruby-progressbar (1.11.0)
    unicode-display_width (2.0.0)
    websocket (1.2.9)

PLATFORMS
  ruby

DEPENDENCIES
  bundler
  byebug
  rake
  rspec
  rubocop
  rubrowser!

BUNDLED WITH
   2.2.16
